GEM
  remote: https://rubygems.org/
  specs:
    backports (3.6.8)
    bacon (1.2.0)
    multi_json (1.12.1)
    rack (1.6.4)
    rack-protection (1.5.3)
      rack
    rack-test (0.6.3)
      rack (>= 1.0)
    sequel (4.39.0)
    sinatra (1.4.7)
      rack (~> 1.5)
      rack-protection (~> 1.4)
      tilt (>= 1.3, < 3)
    sinatra-contrib (1.4.7)
      backports (>= 2.0)
      multi_json
      rack-protection
      rack-test
      sinatra (~> 1.4.0)
      tilt (>= 1.3, < 3)
    sinatra-namespace (1.0)
      sinatra-contrib
    sinatra-sequel (0.9.0)
      bacon
      sequel (>= 3.2.0)
      sinatra (>= 0.9.4)
    sqlite3 (1.3.11)
    tilt (2.0.5)

PLATFORMS
  ruby

DEPENDENCIES
  sinatra
  sinatra-namespace
  sinatra-sequel
  sqlite3

BUNDLED WITH
   1.12.5
